GIT
  remote: https://github.com/socrata-platform/statsd-ruby-fork.git
  revision: a362e88fbabce98d3ffb1fcf963ee98dc4e3e0cc
  specs:
    statsd-ruby (0.3.2)

GEM
  remote: https://socrata.artifactoryonline.com/socrata/api/gems/rubygems-virtual/
  specs:
    abstract_type (0.0.7)
    actionmailer (4.2.6)
      actionpack (= 4.2.6)
      actionview (= 4.2.6)
      activejob (= 4.2.6)
      mail (~> 2.5, >= 2.5.4)
      rails-dom-testing (~> 1.0, >= 1.0.5)
    actionpack (4.2.6)
      actionview (= 4.2.6)
      activesupport (= 4.2.6)
      rack (~> 1.6)
      rack-test (~> 0.6.2)
      rails-dom-testing (~> 1.0, >= 1.0.5)
      rails-html-sanitizer (~> 1.0, >= 1.0.2)
    actionpack-page_caching (1.0.2)
      actionpack (>= 4.0.0, < 5)
    actionview (4.2.6)
      activesupport (= 4.2.6)
      builder (~> 3.1)
      erubis (~> 2.7.0)
      rails-dom-testing (~> 1.0, >= 1.0.5)
      rails-html-sanitizer (~> 1.0, >= 1.0.2)
    activejob (4.2.6)
      activesupport (= 4.2.6)
      globalid (>= 0.3.0)
    activemodel (4.2.6)
      activesupport (= 4.2.6)
      builder (~> 3.1)
    activerecord (4.2.6)
      activemodel (= 4.2.6)
      activesupport (= 4.2.6)
      arel (~> 6.0)
    activesupport (4.2.6)
      i18n (~> 0.7)
      json (~> 1.7, >= 1.7.7)
      minitest (~> 5.1)
      thread_safe (~> 0.3, >= 0.3.4)
      tzinfo (~> 1.1)
    adamantium (0.2.0)
      ice_nine (~> 0.11.0)
      memoizable (~> 0.4.0)
    addressable (2.4.0)
    airbrake (4.3.0)
      builder
      multi_json
    ansi (1.5.0)
    arel (6.0.3)
    ast (2.2.0)
    awesome_print (1.6.1)
    axlsx (1.3.6)
      htmlentities (~> 4.3.1)
      nokogiri (>= 1.4.1)
      rubyzip (>= 0.9.5)
    builder (3.2.2)
    byebug (9.0.4)
    chrome (0.0.8)
      rails (~> 4.2, >= 4.2.6)
    cistern (2.3.0)
    closure-compiler (1.1.12)
    coderay (1.1.1)
    concord (0.1.5)
      adamantium (~> 0.2.0)
      equalizer (~> 0.0.9)
    concurrent-ruby (1.0.2)
    crack (0.4.3)
      safe_yaml (~> 1.0.0)
    crass (1.0.2)
    cssmin (1.0.3)
    daemons (1.2.3)
    dalli (2.7.6)
    diff-lcs (1.2.5)
    diplomat (0.18.0)
      faraday (~> 0.9)
      json
    equalizer (0.0.11)
    erubis (2.7.0)
    eventmachine (1.2.0.1)
    execjs (2.7.0)
    factory_girl (4.7.0)
      activesupport (>= 3.0.0)
    faraday (0.9.2)
      multipart-post (>= 1.2, < 3)
    faraday_middleware (0.10.0)
      faraday (>= 0.7.4, < 0.10)
    ffi (1.9.10)
    foreman (0.82.0)
      thor (~> 0.19.1)
    formatador (0.2.5)
    globalid (0.3.6)
      activesupport (>= 4.1.0)
    guard (2.14.0)
      formatador (>= 0.2.4)
      listen (>= 2.7, < 4.0)
      lumberjack (~> 1.0)
      nenv (~> 0.1)
      notiffany (~> 0.0)
      pry (>= 0.9.12)
      shellany (~> 0.0)
      thor (>= 0.18.1)
    guard-compat (1.2.1)
    guard-minitest (2.4.4)
      guard-compat (~> 1.2)
      minitest (>= 3.0)
    guard-rspec (4.7.0)
      guard (~> 2.1)
      guard-compat (~> 1.1)
      rspec (>= 2.99.0, < 4.0)
    hashdiff (0.3.0)
    hashie (2.1.2)
    htmlentities (4.3.4)
    httparty (0.13.7)
      json (~> 1.8)
      multi_xml (>= 0.5.2)
    i18n (0.7.0)
    ice_nine (0.11.2)
    jammit (0.7.0)
      cssmin (~> 1.0)
      jsmin (~> 1.0)
    jsmin (1.0.1)
    json (1.8.3)
    jwt (1.5.1)
    kgio (2.10.0)
    libv8 (3.16.14.15)
    listen (3.1.5)
      rb-fsevent (~> 0.9, >= 0.9.4)
      rb-inotify (~> 0.9, >= 0.9.7)
      ruby_dep (~> 1.2)
    lograge (0.3.6)
      actionpack (>= 3)
      activesupport (>= 3)
      railties (>= 3)
    loofah (2.0.3)
      nokogiri (>= 1.5.9)
    lumberjack (1.0.10)
    mail (2.6.4)
      mime-types (>= 1.16, < 4)
    memcache-client (1.8.5)
    memoizable (0.4.2)
      thread_safe (~> 0.3, >= 0.3.1)
    metaclass (0.0.4)
    method_source (0.8.2)
    mime-types (3.1)
      mime-types-data (~> 3.2015)
    mime-types-data (3.2016.0521)
    mini_portile2 (2.0.0)
    minitest (5.9.0)
    minitest-reporters (1.1.9)
      ansi
      builder
      minitest (>= 5.0)
      ruby-progressbar
    mixpanel-ruby (1.6.0)
    mocha (1.1.0)
      metaclass (~> 0.0.1)
    money (3.7.1)
      i18n (~> 0.4)
    multi_json (1.12.1)
    multi_xml (0.5.5)
    multipart-post (2.0.0)
    nenv (0.3.0)
    nokogiri (1.6.7.2)
      mini_portile2 (~> 2.0.0.rc2)
    nokogumbo (1.4.7)
      nokogiri
    notiffany (0.1.0)
      nenv (~> 0.1)
      shellany (~> 0.0)
    oauth2 (1.1.0)
      faraday (>= 0.8, < 0.10)
      jwt (~> 1.0, < 1.5.2)
      multi_json (~> 1.3)
      multi_xml (~> 0.5)
      rack (>= 1.2, < 3)
    omniauth (1.3.1)
      hashie (>= 1.2, < 4)
      rack (>= 1.0, < 3)
    omniauth-auth0 (1.4.1)
      omniauth-oauth2 (~> 1.1)
    omniauth-oauth2 (1.4.0)
      oauth2 (~> 1.0)
      omniauth (~> 1.2)
    parser (2.3.1.0)
      ast (~> 2.2)
    power_assert (0.3.0)
    procto (0.0.3)
    pry (0.10.3)
      coderay (~> 1.1.0)
      method_source (~> 0.8.1)
      slop (~> 3.4)
    rack (1.6.4)
    rack-test (0.6.3)
      rack (>= 1.0)
    rails (4.2.6)
      actionmailer (= 4.2.6)
      actionpack (= 4.2.6)
      actionview (= 4.2.6)
      activejob (= 4.2.6)
      activemodel (= 4.2.6)
      activerecord (= 4.2.6)
      activesupport (= 4.2.6)
      bundler (>= 1.3.0, < 2.0)
      railties (= 4.2.6)
      sprockets-rails
    rails-deprecated_sanitizer (1.0.3)
      activesupport (>= 4.2.0.alpha)
    rails-dom-testing (1.0.7)
      activesupport (>= 4.2.0.beta, < 5.0)
      nokogiri (~> 1.6.0)
      rails-deprecated_sanitizer (>= 1.0.1)
    rails-html-sanitizer (1.0.3)
      loofah (~> 2.0)
    railties (4.2.6)
      actionpack (= 4.2.6)
      activesupport (= 4.2.6)
      rake (>= 0.8.7)
      thor (>= 0.18.1, < 2.0)
    rainbow (2.1.0)
    raindrops (0.16.0)
    rake (11.1.2)
    rb-fsevent (0.9.7)
    rb-inotify (0.9.7)
      ffi (>= 0.5.0)
    rb-readline (0.5.3)
    recaptcha (0.3.5)
    redcarpet (3.3.4)
    reek (2.2.1)
      parser (~> 2.2)
      rainbow (~> 2.0)
      unparser (~> 0.2.2)
    ref (2.0.0)
    request_store (1.3.1)
    rinku (2.0.0)
    rspec (3.4.0)
      rspec-core (~> 3.4.0)
      rspec-expectations (~> 3.4.0)
      rspec-mocks (~> 3.4.0)
    rspec-core (3.4.4)
      rspec-support (~> 3.4.0)
    rspec-expectations (3.4.0)
      diff-lcs (>= 1.2.0, < 2.0)
      rspec-support (~> 3.4.0)
    rspec-mocks (3.4.1)
      diff-lcs (>= 1.2.0, < 2.0)
      rspec-support (~> 3.4.0)
    rspec-rails (3.4.2)
      actionpack (>= 3.0, < 4.3)
      activesupport (>= 3.0, < 4.3)
      railties (>= 3.0, < 4.3)
      rspec-core (~> 3.4.0)
      rspec-expectations (~> 3.4.0)
      rspec-mocks (~> 3.4.0)
      rspec-support (~> 3.4.0)
    rspec-support (3.4.1)
    ruby-progressbar (1.8.1)
    ruby_dep (1.3.1)
    rubyzip (1.2.0)
    safe_yaml (1.0.4)
    sanitize (4.0.1)
      crass (~> 1.0.2)
      nokogiri (>= 1.4.4)
      nokogumbo (~> 1.4.1)
    sass (3.4.22)
    sass-rails (5.0.4)
      railties (>= 4.0.0, < 5.0)
      sass (~> 3.1)
      sprockets (>= 2.8, < 4.0)
      sprockets-rails (>= 2.0, < 4.0)
      tilt (>= 1.1, < 3)
    semver2 (3.4.2)
    shellany (0.0.1)
    shoulda-context (1.2.1)
    slop (3.6.0)
    snappy (0.0.15)
    sprockets (3.6.0)
      concurrent-ruby (~> 1.0)
      rack (> 1, < 3)
    sprockets-rails (3.0.4)
      actionpack (>= 4.0)
      activesupport (>= 4.0)
      sprockets (>= 3.0.0)
    test-unit (3.1.9)
      power_assert
    therubyracer (0.12.2)
      libv8 (~> 3.16.14.0)
      ref
    thin (1.6.4)
      daemons (~> 1.0, >= 1.0.9)
      eventmachine (~> 1.0, >= 1.0.4)
      rack (~> 1.0)
    thor (0.19.1)
    thread_safe (0.3.5)
    tilt (2.0.4)
    timecop (0.8.1)
    tzinfo (1.2.2)
      thread_safe (~> 0.1)
    uglifier (3.0.0)
      execjs (>= 0.3.0, < 3)
    unicorn (5.1.0)
      kgio (~> 2.6)
      raindrops (~> 0.7)
    unparser (0.2.5)
      abstract_type (~> 0.0.7)
      adamantium (~> 0.2.0)
      concord (~> 0.1.5)
      diff-lcs (~> 1.2.5)
      equalizer (~> 0.0.9)
      parser (~> 2.3.0)
      procto (~> 0.0.2)
    vcr (3.0.3)
    webmock (2.0.3)
      addressable (>= 2.3.6)
      crack (>= 0.3.2)
      hashdiff
    xray (1.1)
    yui-compressor (0.12.0)
    zendesk2 (1.8.1)
      cistern (~> 2.3)
      faraday (~> 0.9)
      faraday_middleware (~> 0.9)
      jwt (~> 1.0)
    zip (2.0.2)
    zk (1.9.6)
      zookeeper (~> 1.4.0)
    zookeeper (1.4.11)

PLATFORMS
  ruby

DEPENDENCIES
  actionpack-page_caching
  addressable
  airbrake (= 4.3.0)
  awesome_print
  axlsx (~> 1.3.4)
  byebug
  chrome (~> 0.0.7)
  closure-compiler
  dalli (~> 2.7, >= 2.7.6)
  diplomat
  factory_girl
  foreman
  guard
  guard-minitest
  guard-rspec
  hashie (= 2.1.2)
  httparty
  jammit
  lograge
  memcache-client (~> 1.8.5)
  minitest (~> 5.8, >= 5.8.4)
  minitest-reporters (~> 1.1, >= 1.1.8)
  mixpanel-ruby (~> 1.6.0)
  mocha
  money (~> 3.7.1)
  multipart-post (>= 1.0.1)
  omniauth (~> 1.2)
  omniauth-auth0 (~> 1.1)
  parser (~> 2.3, >= 2.3.0.6)
  rack
  rails (~> 4.2.6)
  rails-dom-testing
  rb-fsevent
  rb-readline
  recaptcha (= 0.3.5)
  redcarpet
  reek (~> 2.2.1)
  request_store
  rinku
  rspec (~> 3.4)
  rspec-core (~> 3.4, >= 3.4.3)
  rspec-rails (~> 3.4, >= 3.4.2)
  sanitize
  sass
  sass-rails (~> 5.0)
  semver2
  shoulda-context
  snappy
  statsd-ruby!
  test-unit
  therubyracer
  thin
  timecop
  uglifier
  unicorn
  unparser (~> 0.2.5)
  vcr
  webmock
  xray
  yui-compressor
  zendesk2 (~> 1.8.1)
  zip
  zk (~> 1.9.2)
  zookeeper (~> 1.4.9)

RUBY VERSION
   ruby 2.3.1p112

BUNDLED WITH
   1.12.5
