GEM
  remote: http://rubygems.org/
  specs:
    abstract (1.0.0)
    actionmailer (2.3.8)
      actionpack (= 2.3.8)
    actionpack (2.3.8)
      activesupport (= 2.3.8)
      rack (~> 1.1.0)
    activerecord (2.3.8)
      activesupport (= 2.3.8)
    activeresource (2.3.8)
      activesupport (= 2.3.8)
    activesupport (2.3.8)
    daemons (1.1.0)
    erubis (2.6.6)
      abstract (>= 1.0.0)
    eventmachine (0.12.10)
    googlecharts (1.3.6)
    haml (3.0.17)
    hashie (0.3.1)
    hoptoad_notifier (2.3.6)
      activesupport
    json (1.4.6)
    multipart-post (1.0.1)
    rack (1.1.0)
    rails (2.3.8)
      actionmailer (= 2.3.8)
      actionpack (= 2.3.8)
      activerecord (= 2.3.8)
      activeresource (= 2.3.8)
      activesupport (= 2.3.8)
      rake (>= 0.8.3)
    rake (0.8.7)
    stomp (1.1.6)
    thin (1.2.7)
      daemons (>= 1.0.9)
      eventmachine (>= 0.12.6)
      rack (>= 1.0.0)

PLATFORMS
  ruby

DEPENDENCIES
  erubis (>= 2.6.4)
  googlecharts (= 1.3.6)
  haml (= 3.0.17)
  hashie (= 0.3.1)
  hoptoad_notifier
  json (= 1.4.6)
  multipart-post (= 1.0.1)
  rack (= 1.1.0)
  rails (~> 2.3.8)
  stomp (= 1.1.6)
  thin
