GEM
  remote: http://rubygems.org/
  specs:
    abstract (1.0.0)
    actionmailer (2.3.8)
      actionpack (= 2.3.8)
    actionpack (2.3.8)
      activesupport (= 2.3.8)
      rack (~> 1.1.0)
    activerecord (2.3.8)
      activesupport (= 2.3.8)
    activeresource (2.3.8)
      activesupport (= 2.3.8)
    activesupport (2.3.8)
    closure-compiler (0.3.3)
    daemons (1.1.0)
    erubis (2.6.6)
      abstract (>= 1.0.0)
    eventmachine (0.12.10)
    haml (3.0.17)
    hashie (0.3.1)
    hoptoad_notifier (2.3.7)
      activesupport
    jammit (0.5.4)
      closure-compiler (>= 0.1.0)
      yui-compressor (>= 0.9.1)
    json (1.4.6)
    money (3.1.5)
    multipart-post (1.0.1)
    rack (1.1.0)
    rails (2.3.8)
      actionmailer (= 2.3.8)
      actionpack (= 2.3.8)
      activerecord (= 2.3.8)
      activeresource (= 2.3.8)
      activesupport (= 2.3.8)
      rake (>= 0.8.3)
    rake (0.8.7)
    stomp (1.1.6)
    thin (1.2.7)
      daemons (>= 1.0.9)
      eventmachine (>= 0.12.6)
      rack (>= 1.0.0)
    yui-compressor (0.9.1)

PLATFORMS
  ruby

DEPENDENCIES
  erubis (>= 2.6.4)
  haml (= 3.0.17)
  hashie (= 0.3.1)
  hoptoad_notifier (= 2.3.7)
  jammit (= 0.5.4)
  json (= 1.4.6)
  money (>= 3.1.5)
  multipart-post (= 1.0.1)
  rack (= 1.1.0)
  rails (= 2.3.8)
  stomp (= 1.1.6)
  thin
