dependencies: 
  rails: 
    group: 
    - :default
    version: ~> 2.3.8
    require: []

  multipart-post: 
    group: 
    - :default
    version: = 1.0.1
    require: 
    - net/http/post/multipart
  haml: 
    group: 
    - :default
    version: = 3.0.17
  hashie: 
    group: 
    - :default
    version: = 0.3.1
  thin: 
    group: 
    - :development
    version: ">= 0"
  rack: 
    group: 
    - :default
    version: = 1.1.0
  json: 
    group: 
    - :default
    version: = 1.4.6
  erubis: 
    group: 
    - :default
    version: ">= 2.6.4"
  googlecharts: 
    group: 
    - :default
    version: = 1.3.6
    require: 
    - gchart
  hoptoad_notifier: 
    group: 
    - :default
    version: ">= 0"
  stomp: 
    group: 
    - :default
    version: = 1.1.6
specs: 
- rake: 
    version: 0.8.7
- abstract: 
    version: 1.0.0
- activesupport: 
    version: 2.3.8
- rack: 
    version: 1.1.0
- actionpack: 
    version: 2.3.8
- actionmailer: 
    version: 2.3.8
- activerecord: 
    version: 2.3.8
- activeresource: 
    version: 2.3.8
- daemons: 
    version: 1.1.0
- erubis: 
    version: 2.6.6
- eventmachine: 
    version: 0.12.10
- googlecharts: 
    version: 1.3.6
- haml: 
    version: 3.0.17
- hashie: 
    version: 0.3.1
- hoptoad_notifier: 
    version: 2.3.5
- json: 
    version: 1.4.6
- multipart-post: 
    version: 1.0.1
- rails: 
    version: 2.3.8
- stomp: 
    version: 1.1.6
- thin: 
    version: 1.2.7
hash: 1206087a0b19a621e096a11907810ef1cfd19f4e
sources: 
- Rubygems: 
    uri: http://gemcutter.org
=======
GEM
  remote: http://rubygems.org/
  specs:
    abstract (1.0.0)
    actionmailer (2.3.8)
      actionpack (= 2.3.8)
    actionpack (2.3.8)
      activesupport (= 2.3.8)
      rack (~> 1.1.0)
    activerecord (2.3.8)
      activesupport (= 2.3.8)
    activeresource (2.3.8)
      activesupport (= 2.3.8)
    activesupport (2.3.8)
    daemons (1.1.0)
    erubis (2.6.6)
      abstract (>= 1.0.0)
    eventmachine (0.12.10)
    googlecharts (1.3.6)
    haml (3.0.17)
    hashie (0.3.1)
    hoptoad_notifier (2.3.6)
      activesupport
    json (1.4.6)
    multipart-post (1.0.1)
    rack (1.1.0)
    rails (2.3.8)
      actionmailer (= 2.3.8)
      actionpack (= 2.3.8)
      activerecord (= 2.3.8)
      activeresource (= 2.3.8)
      activesupport (= 2.3.8)
      rake (>= 0.8.3)
    rake (0.8.7)
    stomp (1.1.6)
    thin (1.2.7)
      daemons (>= 1.0.9)
      eventmachine (>= 0.12.6)
      rack (>= 1.0.0)

PLATFORMS
  ruby

DEPENDENCIES
  erubis (>= 2.6.4)
  googlecharts (= 1.3.6)
  haml (= 3.0.17)
  hashie (= 0.3.1)
  hoptoad_notifier
  json (= 1.4.6)
  multipart-post (= 1.0.1)
  rack (= 1.1.0)
  rails (~> 2.3.8)
  stomp (= 1.1.6)
  thin
